{
  "AcquisitionMatrixPE": 88,
  "AcquisitionNumber": 1,
  "AcquisitionTime": "11:52:5.945000",
  "BandwidthPerPixelPhaseEncode": 19.592,
  "BaseResolution": 88,
  "BodyPartExamined": "BRAIN",
  "ConsistencyInfo": "N4_VE11C_LATEST_20160120",
  "ConversionSoftware": "dcm2niix",
  "ConversionSoftwareVersion": "v1.0.20190902",
  "DerivedVendorReportedEchoSpacing": 0.000580014,
  "DeviceSerialNumber": "67050",
  "DwellTime": 2.6e-06,
  "EchoTime": 0.033,
  "EchoTrainLength": 88,
  "EffectiveEchoSpacing": 0.000580014,
  "FlipAngle": 62,
  "ImageOrientationPatientDICOM": [0.997424, -0.0480032, 0.0532933, 0.0522728, 0.995273, -0.0818458],
  "ImageType": [
    "ORIGINAL",
    "PRIMARY",
    "M",
    "ND",
    "MOSAIC"
],
  "ImagingFrequency": 123.251,
  "InPlanePhaseEncodingDirectionDICOM": "COL",
  "InstitutionAddress": "Olive_Street_60_Providence_RI_US_02912",
  "InstitutionName": "BROWN_UNIVERSITY_MRF",
  "InstitutionalDepartmentName": "Department",
  "MRAcquisitionType": "2D",
  "MagneticFieldStrength": 3,
  "Manufacturer": "Siemens",
  "ManufacturersModelName": "Prisma_fit",
  "Modality": "MR",
  "MultibandAccelerationFactor": 4,
  "PartialFourier": 1,
  "PatientPosition": "HFS",
  "PercentPhaseFOV": 100,
  "PhaseEncodingDirection": "j-",
  "PhaseEncodingSteps": 88,
  "PhaseResolution": 1,
  "PixelBandwidth": 2185,
  "ProcedureStepDescription": "ASHENHAV_1222",
  "ProtocolName": "func-bold_task-RDMcolor_run-04",
  "PulseSequenceDetails": "%SiemensSeq%_ep2d_bold",
  "ReceiveCoilActiveElements": "HC1-7",
  "ReceiveCoilName": "HeadNeck_64",
  "ReconMatrixPE": 88,
  "RefLinesPE": 8,
  "RepetitionTime": 1.2,
  "SAR": 0.0565461,
  "ScanOptions": "FS",
  "ScanningSequence": "EP",
  "SequenceName": "_epfid2d1_88",
  "SequenceVariant": "SK",
  "SeriesDescription": "func-bold_task-RDMcolor_run-04",
  "SeriesNumber": 14,
  "ShimSetting": [1763, -9088, 4400, 393, -46, -114, -11, -18],
  "SliceThickness": 2.4,
  "SliceTiming": [0.5525, 0, 0.63, 0.08, 0.7075, 0.1575, 0.7875, 0.2375, 0.865, 0.315, 0.945, 0.395, 1.0225, 0.4725, 1.1025, 0.5525, 0, 0.63, 0.08, 0.7075, 0.1575, 0.7875, 0.2375, 0.865, 0.315, 0.945, 0.395, 1.0225, 0.4725, 1.1025, 0.5525, 0, 0.63, 0.08, 0.7075, 0.1575, 0.7875, 0.2375, 0.865, 0.315, 0.945, 0.395, 1.0225, 0.4725, 1.1025, 0.5525, 0, 0.63, 0.08, 0.7075, 0.1575, 0.7875, 0.2375, 0.865, 0.315, 0.945, 0.395, 1.0225, 0.4725, 1.1025],
  "SoftwareVersions": "syngo_MR_E11",
  "SpacingBetweenSlices": 2.4,
  "StationName": "AWP67050",
  "TaskName": "RDMcolor",
  "TotalReadoutTime": 0.0504612,
  "TxRefAmp": 228.252,
  "dcmmeta_affine": [
    [-2.3915517330169678, 0.1253359317779541, 0.1178700253367424, 99.62566375732422],
    [0.11509868502616882, 2.3863937854766846, -0.2026098519563675, -97.7523193359375],
    [0.12778274714946747, 0.19624385237693787, 2.38852596282959, -64.01099395751953],
    [0.0, 0.0, 0.0, 1.0]
],
  "dcmmeta_reorient_transform": [
    [0.0, -1.0, 0.0, 87.0],
    [1.0, 0.0, 0.0, 0.0],
    [0.0, 0.0, 1.0, 0.0],
    [0.0, 0.0, 0.0, 1.0]
],
  "dcmmeta_shape": [88, 88, 60, 392],
  "dcmmeta_slice_dim": 2,
  "dcmmeta_version": 0.6,
  "global": {
    "const": {
      "AcquisitionMatrix": [88, 0, 0, 88],
      "AngioFlag": "N",
      "BitsAllocated": 16,
      "BitsStored": 12,
      "BodyPartExamined": "BRAIN",
      "Columns": 704,
      "DeidentificationMethodCodeSequence": [
        {
          "CodeMeaning": "XNAT DicomEdit 6 Script",
          "CodeValue": "3",
          "CodingSchemeDesignator": "XNAT",
          "CodingSchemeVersion": "1.0"}
],
      "EchoNumbers": 1,
      "EchoTime": 33.0,
      "EchoTrainLength": 88,
      "FlipAngle": 62.0,
      "HighBit": 11,
      "ImageOrientationPatient": [0.9974244408647, -0.0480032440685, 0.05329327654247, 0.05227280573031, 0.99527323992413, -0.0818457798057],
      "ImagePositionPatient": [-885.73130256621, -809.42282354443, -25.851756891126],
      "ImageType": [
        "ORIGINAL",
        "PRIMARY",
        "M",
        "ND",
        "MOSAIC"
],
      "ImagedNucleus": "1H",
      "ImagingFrequency": 123.250633,
      "InPlanePhaseEncodingDirection": "COL",
      "MRAcquisitionType": "2D",
      "MagneticFieldStrength": 3.0,
      "Manufacturer": "SIEMENS",
      "ManufacturerModelName": "Prisma_fit",
      "Modality": "MR",
      "NumberOfAverages": 1.0,
      "NumberOfPhaseEncodingSteps": 88,
      "PercentPhaseFieldOfView": 100.0,
      "PercentSampling": 100.0,
      "PerformedProcedureStepStartTime": "110350.685000",
      "PhotometricInterpretation": "MONOCHROME2",
      "PixelBandwidth": 2185.0,
      "PixelRepresentation": 0,
      "PixelSpacing": [2.3977272510529, 2.3977272510529],
      "ProtocolName": "func-bold_task-RDMcolor_run-04",
      "RepetitionTime": 1200.0,
      "Rows": 704,
      "SAR": 0.05654611448385,
      "SamplesPerPixel": 1,
      "ScanOptions": "FS",
      "ScanningSequence": "EP",
      "SequenceName": "*epfid2d1_88",
      "SequenceVariant": "SK",
      "SeriesDescription": "func-bold_task-RDMcolor_run-04",
      "SeriesNumber": 14,
      "SeriesTime": "115244.034000",
      "SliceLocation": -50.559774314888,
      "SliceThickness": 2.4000000953674,
      "SmallestImagePixelValue": 0,
      "SoftwareVersions": "syngo MR E11",
      "SpacingBetweenSlices": 2.4000000606126,
      "SpecificCharacterSet": "ISO_IR 100",
      "StudyID": "1",
      "StudyTime": "110350.614000",
      "TransmitCoilName": "Body",
      "VariableFlipAngleFlag": "N",
      "WindowCenterWidthExplanation": "Algo1",
      "dBdt": 0.0},
