{
  "AcquisitionMatrixPE": 88,
  "AcquisitionNumber": 1,
  "AcquisitionTime": "11:17:26.050000",
  "BandwidthPerPixelPhaseEncode": 19.592,
  "BaseResolution": 88,
  "BodyPartExamined": "BRAIN",
  "ConsistencyInfo": "N4_VE11C_LATEST_20160120",
  "ConversionSoftware": "dcm2niix",
  "ConversionSoftwareVersion": "v1.0.20190902",
  "DerivedVendorReportedEchoSpacing": 0.000580014,
  "DeviceSerialNumber": "67050",
  "DwellTime": 2.6e-06,
  "EchoTime": 0.033,
  "EchoTrainLength": 88,
  "EffectiveEchoSpacing": 0.000580014,
  "FlipAngle": 62,
  "ImageOrientationPatientDICOM": [0.990031, -0.0283668, 0.137965, 0.0207381, 0.998192, 0.0564206],
  "ImageType": [
    "ORIGINAL",
    "PRIMARY",
    "M",
    "ND",
    "MOSAIC"
],
  "ImagingFrequency": 123.251,
  "InPlanePhaseEncodingDirectionDICOM": "COL",
  "InstitutionAddress": "Olive_Street_60_Providence_RI_US_02912",
  "InstitutionName": "BROWN_UNIVERSITY_MRF",
  "InstitutionalDepartmentName": "Department",
  "MRAcquisitionType": "2D",
  "MagneticFieldStrength": 3,
  "Manufacturer": "Siemens",
  "ManufacturersModelName": "Prisma_fit",
  "Modality": "MR",
  "MultibandAccelerationFactor": 4,
  "PartialFourier": 1,
  "PatientPosition": "HFS",
  "PercentPhaseFOV": 100,
  "PhaseEncodingDirection": "j-",
  "PhaseEncodingSteps": 88,
  "PhaseResolution": 1,
  "PixelBandwidth": 2185,
  "ProcedureStepDescription": "ASHENHAV_1222",
  "ProtocolName": "func-bold_task-RDMmotion_run-01",
  "PulseSequenceDetails": "%SiemensSeq%_ep2d_bold",
  "ReceiveCoilActiveElements": "HC1-7",
  "ReceiveCoilName": "HeadNeck_64",
  "ReconMatrixPE": 88,
  "RefLinesPE": 8,
  "RepetitionTime": 1.2,
  "SAR": 0.0506296,
  "ScanOptions": "FS",
  "ScanningSequence": "EP",
  "SequenceName": "_epfid2d1_88",
  "SequenceVariant": "SK",
  "SeriesDescription": "func-bold_task-RDMmotion_run-01",
  "SeriesNumber": 7,
  "ShimSetting": [1780, -9115, 4430, 504, -89, -74, 28, 29],
  "SliceThickness": 2.4,
  "SliceTiming": [0.55, 0, 0.6275, 0.0775, 0.7075, 0.1575, 0.785, 0.235, 0.865, 0.315, 0.9425, 0.3925, 1.0225, 0.47, 1.1, 0.55, 0, 0.6275, 0.0775, 0.7075, 0.1575, 0.785, 0.235, 0.865, 0.315, 0.9425, 0.3925, 1.0225, 0.47, 1.1, 0.55, 0, 0.6275, 0.0775, 0.7075, 0.1575, 0.785, 0.235, 0.865, 0.315, 0.9425, 0.3925, 1.0225, 0.47, 1.1, 0.55, 0, 0.6275, 0.0775, 0.7075, 0.1575, 0.785, 0.235, 0.865, 0.315, 0.9425, 0.3925, 1.0225, 0.47, 1.1],
  "SoftwareVersions": "syngo_MR_E11",
  "SpacingBetweenSlices": 2.4,
  "StationName": "AWP67050",
  "TaskName": "RDMmotion",
  "TotalReadoutTime": 0.0504612,
  "TxRefAmp": 245.896,
  "dcmmeta_affine": [
    [-2.373823642730713, 0.04972442239522934, 0.3343591094017029, 101.50154113769531],
    [0.06801580637693405, 2.3933913707733154, 0.12719270586967468, -92.10521697998047],
    [0.33080318570137024, -0.13528114557266235, 2.3731889724731445, -67.49132537841797],
    [0.0, 0.0, 0.0, 1.0]
],
  "dcmmeta_reorient_transform": [
    [0.0, -1.0, 0.0, 87.0],
    [1.0, 0.0, 0.0, 0.0],
    [0.0, 0.0, 1.0, 0.0],
    [0.0, 0.0, 0.0, 1.0]
],
  "dcmmeta_shape": [88, 88, 60, 125],
  "dcmmeta_slice_dim": 2,
  "dcmmeta_version": 0.6,
  "global": {
    "const": {
      "AcquisitionMatrix": [88, 0, 0, 88],
      "AngioFlag": "N",
      "BitsAllocated": 16,
      "BitsStored": 12,
      "BodyPartExamined": "BRAIN",
      "Columns": 704,
      "DeidentificationMethodCodeSequence": [
        {
          "CodeMeaning": "XNAT DicomEdit 6 Script",
          "CodeValue": "3",
          "CodingSchemeDesignator": "XNAT",
          "CodingSchemeVersion": "1.0"}
],
      "EchoNumbers": 1,
      "EchoTime": 33.0,
      "EchoTrainLength": 88,
      "FlipAngle": 62.0,
      "HighBit": 11,
      "ImageOrientationPatient": [0.99003075620664, -0.0283667822897, 0.13796531240654, 0.02073814802468, 0.9981916890948, 0.05642057283102],
      "ImagePositionPatient": [-852.28039799593, -832.33551957021, -222.81475648875],
      "ImageType": [
        "ORIGINAL",
        "PRIMARY",
        "M",
        "ND",
        "MOSAIC"
],
      "ImagedNucleus": "1H",
      "ImagingFrequency": 123.250728,
      "InPlanePhaseEncodingDirection": "COL",
      "MRAcquisitionType": "2D",
      "MagneticFieldStrength": 3.0,
      "Manufacturer": "SIEMENS",
      "ManufacturerModelName": "Prisma_fit",
      "Modality": "MR",
      "NumberOfAverages": 1.0,
      "NumberOfPhaseEncodingSteps": 88,
      "PercentPhaseFieldOfView": 100.0,
      "PercentSampling": 100.0,
      "PerformedProcedureStepStartTime": "104915.366000",
      "PhotometricInterpretation": "MONOCHROME2",
      "PixelBandwidth": 2185.0,
      "PixelRepresentation": 0,
      "PixelSpacing": [2.3977272510529, 2.3977272510529],
      "ProtocolName": "func-bold_task-RDMmotion_run-01",
      "RepetitionTime": 1200.0,
      "Rows": 704,
      "SAR": 0.05062961971393,
      "SamplesPerPixel": 1,
      "ScanOptions": "FS",
      "ScanningSequence": "EP",
      "SequenceName": "*epfid2d1_88",
      "SequenceVariant": "SK",
      "SeriesDescription": "func-bold_task-RDMmotion_run-01",
      "SeriesNumber": 7,
      "SeriesTime": "111805.974000",
      "SliceLocation": -57.477836350794,
      "SliceThickness": 2.4000000953674,
      "SmallestImagePixelValue": 0,
      "SoftwareVersions": "syngo MR E11",
      "SpacingBetweenSlices": 2.4000000583567,
      "SpecificCharacterSet": "ISO_IR 100",
      "StudyID": "1",
      "StudyTime": "104915.286000",
      "TransmitCoilName": "Body",
      "VariableFlipAngleFlag": "N",
      "WindowCenterWidthExplanation": "Algo1",
      "dBdt": 0.0},
