{
  "AcquisitionMatrixPE": 256,
  "AcquisitionNumber": 1,
  "AcquisitionTime": "13:24:51.360000",
  "BaseResolution": 256,
  "BodyPartExamined": "BRAIN",
  "CoilString": "HC1-7;NC1_2",
  "ConsistencyInfo": "N4_VE11C_LATEST_20160120",
  "ConversionSoftware": "dcm2niix",
  "ConversionSoftwareVersion": "v1.0.20190902",
  "DeviceSerialNumber": "67050",
  "DwellTime": 8.5e-06,
  "EchoTime": 0.00302,
  "FlipAngle": 9,
  "ImageOrientationPatientDICOM": [-0.045217, 0.998553, -0.0291153, -0.0421842, -0.0310277, -0.998628],
  "ImageType": [
    "ORIGINAL",
    "PRIMARY",
    "M",
    "ND",
    "NORM"
],
  "ImagingFrequency": 123.251,
  "InPlanePhaseEncodingDirectionDICOM": "ROW",
  "InstitutionAddress": "Olive_Street_60_Providence_RI_US_02912",
  "InstitutionName": "BROWN_UNIVERSITY_MRF",
  "InstitutionalDepartmentName": "Department",
  "InversionTime": 0.9,
  "MRAcquisitionType": "3D",
  "MagneticFieldStrength": 3,
  "Manufacturer": "Siemens",
  "ManufacturersModelName": "Prisma_fit",
  "Modality": "MR",
  "ParallelReductionFactorInPlane": 2,
  "PartialFourier": 0.875,
  "PatientPosition": "HFS",
  "PercentPhaseFOV": 100,
  "PhaseEncodingSteps": 223,
  "PhaseResolution": 1,
  "PixelBandwidth": 230,
  "ProcedureStepDescription": "ASHENHAV_1222",
  "ProtocolName": "anat-T1w_acq-mprage",
  "PulseSequenceDetails": "%SiemensSeq%_tfl",
  "ReceiveCoilActiveElements": "HC1-7;NC1,2",
  "ReceiveCoilName": "HeadNeck_64",
  "ReconMatrixPE": 256,
  "RefLinesPE": 30,
  "RepetitionTime": 1.9,
  "SAR": 0.0623673,
  "ScanOptions": "IR_PFP",
  "ScanningSequence": "GR_IR",
  "SequenceName": "_tfl3d1_16ns",
  "SequenceVariant": "SK_SP_MP",
  "SeriesDescription": "anat-T1w_acq-mprage",
  "SeriesNumber": 6,
  "ShimSetting": [1754, -9129, 4366, 327, -18, -548, -126, -1],
  "SliceThickness": 1,
  "SoftwareVersions": "syngo_MR_E11",
  "StationName": "AWP67050",
  "TxRefAmp": 218.677,
  "dcmmeta_affine": [
    [0.998086154460907, -0.045217037200927734, -0.04218416288495064, -67.43186950683594],
    [0.043926794081926346, 0.9985527992248535, -0.03102768026292324, -114.78872680664062],
    [0.043526094406843185, 0.029115281999111176, 0.9986279606819153, -122.26040649414062],
    [0.0, 0.0, 0.0, 1.0]
],
  "dcmmeta_reorient_transform": [
    [0.0, 0.0, -1.0, 255.0],
    [0.0, -1.0, 0.0, 255.0],
    [-1.0, 0.0, 0.0, 159.0],
    [0.0, 0.0, 0.0, 1.0]
],
  "dcmmeta_shape": [160, 256, 256],
  "dcmmeta_slice_dim": 0,
  "dcmmeta_version": 0.6,
  "global": {
    "const": {
      "AcquisitionMatrix": [0, 256, 256, 0],
      "AcquisitionNumber": 1,
      "AcquisitionTime": "132451.360000",
      "AngioFlag": "N",
      "BitsAllocated": 16,
      "BitsStored": 12,
      "BodyPartExamined": "BRAIN",
      "Columns": 256,
      "DeidentificationMethodCodeSequence": [
        {
          "CodeMeaning": "XNAT DicomEdit 6 Script",
          "CodeValue": "3",
          "CodingSchemeDesignator": "XNAT",
          "CodingSchemeVersion": "1.0"}
],
      "EchoNumbers": 1,
      "EchoTime": 3.02,
      "EchoTrainLength": 1,
      "FlipAngle": 9.0,
      "HighBit": 11,
      "ImageOrientationPatient": [-0.0452170385643, 0.99855281270703, -0.0291152822131, -0.0421841616935, -0.0310276802777, -0.9986279485168],
      "ImageType": [
        "ORIGINAL",
        "PRIMARY",
        "M",
        "ND",
        "NORM"
],
      "ImagedNucleus": "1H",
      "ImagingFrequency": 123.250534,
      "InPlanePhaseEncodingDirection": "ROW",
      "InversionTime": 900.0,
      "MRAcquisitionType": "3D",
      "MagneticFieldStrength": 3.0,
      "Manufacturer": "SIEMENS",
      "ManufacturerModelName": "Prisma_fit",
      "Modality": "MR",
      "NumberOfAverages": 1.0,
      "NumberOfPhaseEncodingSteps": 223,
      "PercentPhaseFieldOfView": 100.0,
      "PercentSampling": 100.0,
      "PerformedProcedureStepStartTime": "132250.855000",
      "PhotometricInterpretation": "MONOCHROME2",
      "PixelBandwidth": 230.0,
      "PixelRepresentation": 0,
      "PixelSpacing": [1.0, 1.0],
      "ProtocolName": "anat-T1w_acq-mprage",
      "RepetitionTime": 1900.0,
      "Rows": 256,
      "SAR": 0.06236732289221,
      "SamplesPerPixel": 1,
      "ScanOptions": [
        "IR",
        "PFP"
],
      "ScanningSequence": [
        "GR",
        "IR"
],
      "SequenceName": "*tfl3d1_16ns",
      "SequenceVariant": [
        "SK",
        "SP",
        "MP"
],
      "SeriesDescription": "anat-T1w_acq-mprage",
      "SeriesNumber": 6,
      "SeriesTime": "132900.276000",
      "SliceThickness": 1.0,
      "SmallestImagePixelValue": 0,
      "SoftwareVersions": "syngo MR E11",
      "SpecificCharacterSet": "ISO_IR 100",
      "StudyID": "1",
      "StudyTime": "132250.761000",
      "TransmitCoilName": "Body",
      "VariableFlipAngleFlag": "N",
      "WindowCenterWidthExplanation": "Algo1",
      "dBdt": 0.0},
