{
  "AcquisitionMatrixPE": 88,
  "AcquisitionNumber": 1,
  "AcquisitionTime": "16:09:11.410000",
  "BandwidthPerPixelPhaseEncode": 19.592,
  "BaseResolution": 88,
  "BodyPartExamined": "BRAIN",
  "ConsistencyInfo": "N4_VE11C_LATEST_20160120",
  "ConversionSoftware": "dcm2niix",
  "ConversionSoftwareVersion": "v1.0.20190902",
  "DerivedVendorReportedEchoSpacing": 0.000580014,
  "DeviceSerialNumber": "67050",
  "DwellTime": 2.6e-06,
  "EchoTime": 0.033,
  "EchoTrainLength": 88,
  "EffectiveEchoSpacing": 0.000580014,
  "FlipAngle": 62,
  "ImageOrientationPatientDICOM": [0.994355, -0.050014, 0.0935787, 0.049328, 0.998736, 0.00963087],
  "ImageType": [
    "ORIGINAL",
    "PRIMARY",
    "M",
    "ND",
    "MOSAIC"
],
  "ImagingFrequency": 123.251,
  "InPlanePhaseEncodingDirectionDICOM": "COL",
  "InstitutionAddress": "Olive_Street_60_Providence_RI_US_02912",
  "InstitutionName": "BROWN_UNIVERSITY_MRF",
  "InstitutionalDepartmentName": "Department",
  "MRAcquisitionType": "2D",
  "MagneticFieldStrength": 3,
  "Manufacturer": "Siemens",
  "ManufacturersModelName": "Prisma_fit",
  "Modality": "MR",
  "MultibandAccelerationFactor": 4,
  "PartialFourier": 1,
  "PatientPosition": "HFS",
  "PercentPhaseFOV": 100,
  "PhaseEncodingDirection": "j-",
  "PhaseEncodingSteps": 88,
  "PhaseResolution": 1,
  "PixelBandwidth": 2185,
  "ProcedureStepDescription": "ASHENHAV_1222",
  "ProtocolName": "func-bold_task-RDMcolor_run-06",
  "PulseSequenceDetails": "%SiemensSeq%_ep2d_bold",
  "ReceiveCoilActiveElements": "HC1-7;NC1",
  "ReceiveCoilName": "HeadNeck_64",
  "ReconMatrixPE": 88,
  "RefLinesPE": 8,
  "RepetitionTime": 1.2,
  "SAR": 0.0462029,
  "ScanOptions": "FS",
  "ScanningSequence": "EP",
  "SequenceName": "_epfid2d1_88",
  "SequenceVariant": "SK",
  "SeriesDescription": "func-bold_task-RDMcolor_run-06",
  "SeriesNumber": 18,
  "ShimSetting": [1756, -9107, 4339, 527, -159, -232, 72, 26],
  "SliceThickness": 2.4,
  "SliceTiming": [0.55, 0, 0.6275, 0.0775, 0.7075, 0.1575, 0.785, 0.235, 0.865, 0.3125, 0.9425, 0.3925, 1.0225, 0.47, 1.1, 0.55, 0, 0.6275, 0.0775, 0.7075, 0.1575, 0.785, 0.235, 0.865, 0.3125, 0.9425, 0.3925, 1.0225, 0.47, 1.1, 0.55, 0, 0.6275, 0.0775, 0.7075, 0.1575, 0.785, 0.235, 0.865, 0.3125, 0.9425, 0.3925, 1.0225, 0.47, 1.1, 0.55, 0, 0.6275, 0.0775, 0.7075, 0.1575, 0.785, 0.235, 0.865, 0.3125, 0.9425, 0.3925, 1.0225, 0.47, 1.1],
  "SoftwareVersions": "syngo_MR_E11",
  "SpacingBetweenSlices": 2.4,
  "StationName": "AWP67050",
  "TaskName": "RDMcolor",
  "TotalReadoutTime": 0.0504612,
  "TxRefAmp": 219.483,
  "dcmmeta_affine": [
    [-2.3841917514801025, 0.1182750016450882, 0.22546109557151794, 98.29522705078125],
    [0.11991982161998749, 2.3946969509124756, 0.011905092746019363, -102.90770721435547],
    [0.22437623143196106, -0.023092199116945267, 2.3893566131591797, -83.09690856933594],
    [0.0, 0.0, 0.0, 1.0]
],
  "dcmmeta_reorient_transform": [
    [0.0, -1.0, 0.0, 87.0],
    [1.0, 0.0, 0.0, 0.0],
    [0.0, 0.0, 1.0, 0.0],
    [0.0, 0.0, 0.0, 1.0]
],
  "dcmmeta_shape": [88, 88, 60, 392],
  "dcmmeta_slice_dim": 2,
  "dcmmeta_version": 0.6,
  "global": {
    "const": {
      "AcquisitionMatrix": [88, 0, 0, 88],
      "AngioFlag": "N",
      "BitsAllocated": 16,
      "BitsStored": 12,
      "BodyPartExamined": "BRAIN",
      "Columns": 704,
      "DeidentificationMethodCodeSequence": [
        {
          "CodeMeaning": "XNAT DicomEdit 6 Script",
          "CodeValue": "3",
          "CodingSchemeDesignator": "XNAT",
          "CodingSchemeVersion": "1.0"}
],
      "EchoNumbers": 1,
      "EchoTime": 33.0,
      "EchoTrainLength": 88,
      "FlipAngle": 62.0,
      "HighBit": 11,
      "ImageOrientationPatient": [0.99435488072662, -0.0500139544333, 0.09357871305532, 0.04932796464468, 0.99873620052865, 0.00963087003409],
      "ImagePositionPatient": [-879.34492431047, -806.06230199443, -161.32620301386],
      "ImageType": [
        "ORIGINAL",
        "PRIMARY",
        "M",
        "ND",
        "MOSAIC"
],
      "ImagedNucleus": "1H",
      "ImagingFrequency": 123.250768,
      "InPlanePhaseEncodingDirection": "COL",
      "MRAcquisitionType": "2D",
      "MagneticFieldStrength": 3.0,
      "Manufacturer": "SIEMENS",
      "ManufacturerModelName": "Prisma_fit",
      "Modality": "MR",
      "NumberOfAverages": 1.0,
      "NumberOfPhaseEncodingSteps": 88,
      "PercentPhaseFieldOfView": 100.0,
      "PercentSampling": 100.0,
      "PerformedProcedureStepStartTime": "144128.036000",
      "PhotometricInterpretation": "MONOCHROME2",
      "PixelBandwidth": 2185.0,
      "PixelRepresentation": 0,
      "PixelSpacing": [2.3977272510529, 2.3977272510529],
      "ProtocolName": "func-bold_task-RDMcolor_run-06",
      "RepetitionTime": 1200.0,
      "Rows": 704,
      "SAR": 0.04620286736439,
      "SamplesPerPixel": 1,
      "ScanOptions": "FS",
      "ScanningSequence": "EP",
      "SequenceName": "*epfid2d1_88",
      "SequenceVariant": "SK",
      "SeriesDescription": "func-bold_task-RDMcolor_run-06",
      "SeriesNumber": 18,
      "SeriesTime": "160942.409000",
      "SliceLocation": -74.004802255241,
      "SliceThickness": 2.4000000953674,
      "SmallestImagePixelValue": 0,
      "SoftwareVersions": "syngo MR E11",
      "SpacingBetweenSlices": 2.3999999856663,
      "SpecificCharacterSet": "ISO_IR 100",
      "StudyID": "1",
      "StudyTime": "144127.968000",
      "TransmitCoilName": "Body",
      "VariableFlipAngleFlag": "N",
      "WindowCenterWidthExplanation": "Algo1",
      "dBdt": 0.0},
