{
  "AcquisitionMatrixPE": 88,
  "AcquisitionNumber": 1,
  "AcquisitionTime": "18:54:57.395000",
  "BandwidthPerPixelPhaseEncode": 19.592,
  "BaseResolution": 88,
  "BodyPartExamined": "BRAIN",
  "ConsistencyInfo": "N4_VE11C_LATEST_20160120",
  "ConversionSoftware": "dcm2niix",
  "ConversionSoftwareVersion": "v1.0.20190902",
  "DerivedVendorReportedEchoSpacing": 0.000580014,
  "DeviceSerialNumber": "67050",
  "DwellTime": 2.6e-06,
  "EchoTime": 0.033,
  "EchoTrainLength": 88,
  "EffectiveEchoSpacing": 0.000580014,
  "FlipAngle": 62,
  "ImageOrientationPatientDICOM": [0.996382, 0.024145, 0.0814807, -0.025047, 0.999636, 0.0100668],
  "ImageType": [
    "ORIGINAL",
    "PRIMARY",
    "M",
    "ND",
    "MOSAIC"
],
  "ImagingFrequency": 123.251,
  "InPlanePhaseEncodingDirectionDICOM": "COL",
  "InstitutionAddress": "Olive_Street_60_Providence_RI_US_02912",
  "InstitutionName": "BROWN_UNIVERSITY_MRF",
  "InstitutionalDepartmentName": "Department",
  "MRAcquisitionType": "2D",
  "MagneticFieldStrength": 3,
  "Manufacturer": "Siemens",
  "ManufacturersModelName": "Prisma_fit",
  "Modality": "MR",
  "MultibandAccelerationFactor": 4,
  "PartialFourier": 1,
  "PatientPosition": "HFS",
  "PercentPhaseFOV": 100,
  "PhaseEncodingDirection": "j-",
  "PhaseEncodingSteps": 88,
  "PhaseResolution": 1,
  "PixelBandwidth": 2185,
  "ProcedureStepDescription": "ASHENHAV_1222",
  "ProtocolName": "func-bold_task-RDMcolor_run-05",
  "PulseSequenceDetails": "%SiemensSeq%_ep2d_bold",
  "ReceiveCoilActiveElements": "HC1-7",
  "ReceiveCoilName": "HeadNeck_64",
  "ReconMatrixPE": 88,
  "RefLinesPE": 8,
  "RepetitionTime": 1.2,
  "SAR": 0.0511303,
  "ScanOptions": "FS",
  "ScanningSequence": "EP",
  "SequenceName": "_epfid2d1_88",
  "SequenceVariant": "SK",
  "SeriesDescription": "func-bold_task-RDMcolor_run-05",
  "SeriesNumber": 22,
  "ShimSetting": [1774, -9240, 4498, 838, -31, -212, 397, -16],
  "SliceThickness": 2.4,
  "SliceTiming": [0.55, 0, 0.63, 0.0775, 0.7075, 0.1575, 0.785, 0.235, 0.865, 0.315, 0.9425, 0.3925, 1.0225, 0.4725, 1.1, 0.55, 0, 0.63, 0.0775, 0.7075, 0.1575, 0.785, 0.235, 0.865, 0.315, 0.9425, 0.3925, 1.0225, 0.4725, 1.1, 0.55, 0, 0.63, 0.0775, 0.7075, 0.1575, 0.785, 0.235, 0.865, 0.315, 0.9425, 0.3925, 1.0225, 0.4725, 1.1, 0.55, 0, 0.63, 0.0775, 0.7075, 0.1575, 0.785, 0.235, 0.865, 0.315, 0.9425, 0.3925, 1.0225, 0.4725, 1.1],
  "SoftwareVersions": "syngo_MR_E11",
  "SpacingBetweenSlices": 2.4,
  "StationName": "AWP67050",
  "TaskName": "RDMcolor",
  "TotalReadoutTime": 0.0504612,
  "TxRefAmp": 226.3,
  "dcmmeta_affine": [
    [-2.3890533447265625, -0.0600559338927269, 0.19489902257919312, 105.02003479003906],
    [-0.057893045246601105, 2.396853446960449, 0.028970886021852493, -102.66082763671875],
    [0.1953684538602829, -0.02413737215101719, 2.3918979167938232, -58.215431213378906],
    [0.0, 0.0, 0.0, 1.0]
],
  "dcmmeta_reorient_transform": [
    [0.0, -1.0, 0.0, 87.0],
    [1.0, 0.0, 0.0, 0.0],
    [0.0, 0.0, 1.0, 0.0],
    [0.0, 0.0, 0.0, 1.0]
],
  "dcmmeta_shape": [88, 88, 60, 392],
  "dcmmeta_slice_dim": 2,
  "dcmmeta_version": 0.6,
  "global": {
    "const": {
      "AcquisitionMatrix": [88, 0, 0, 88],
      "AngioFlag": "N",
      "BitsAllocated": 16,
      "BitsStored": 12,
      "BodyPartExamined": "BRAIN",
      "Columns": 704,
      "DeidentificationMethodCodeSequence": [
        {
          "CodeMeaning": "XNAT DicomEdit 6 Script",
          "CodeValue": "3",
          "CodingSchemeDesignator": "XNAT",
          "CodingSchemeVersion": "1.0"}
],
      "EchoNumbers": 1,
      "EchoTime": 33.0,
      "EchoTrainLength": 88,
      "FlipAngle": 62.0,
      "HighBit": 11,
      "ImageOrientationPatient": [0.99638241623635, 0.02414496633243, 0.08148068001568, -0.0250470246779, 0.99963558693605, 0.01006677136999],
      "ImagePositionPatient": [-817.12634774217, -861.92735678258, -127.92317565142],
      "ImageType": [
        "ORIGINAL",
        "PRIMARY",
        "M",
        "ND",
        "MOSAIC"
],
      "ImagedNucleus": "1H",
      "ImagingFrequency": 123.250755,
      "InPlanePhaseEncodingDirection": "COL",
      "MRAcquisitionType": "2D",
      "MagneticFieldStrength": 3.0,
      "Manufacturer": "SIEMENS",
      "ManufacturerModelName": "Prisma_fit",
      "Modality": "MR",
      "NumberOfAverages": 1.0,
      "NumberOfPhaseEncodingSteps": 88,
      "PercentPhaseFieldOfView": 100.0,
      "PercentSampling": 100.0,
      "PerformedProcedureStepStartTime": "172520.650000",
      "PhotometricInterpretation": "MONOCHROME2",
      "PixelBandwidth": 2185.0,
      "PixelRepresentation": 0,
      "PixelSpacing": [2.3977272510529, 2.3977272510529],
      "ProtocolName": "func-bold_task-RDMcolor_run-05",
      "RepetitionTime": 1200.0,
      "Rows": 704,
      "SAR": 0.05113027381193,
      "SamplesPerPixel": 1,
      "ScanOptions": "FS",
      "ScanningSequence": "EP",
      "SequenceName": "*epfid2d1_88",
      "SequenceVariant": "SK",
      "SeriesDescription": "func-bold_task-RDMcolor_run-05",
      "SeriesNumber": 22,
      "SeriesTime": "185533.080000",
      "SliceLocation": -50.729682039208,
      "SliceThickness": 2.4000000953674,
      "SmallestImagePixelValue": 0,
      "SoftwareVersions": "syngo MR E11",
      "SpacingBetweenSlices": 2.4000000213756,
      "SpecificCharacterSet": "ISO_IR 100",
      "StudyID": "1",
      "StudyTime": "172520.512000",
      "TransmitCoilName": "Body",
      "VariableFlipAngleFlag": "N",
      "WindowCenterWidthExplanation": "Algo1",
      "dBdt": 0.0},
