{
  "AcquisitionMatrixPE": 88,
  "AcquisitionNumber": 1,
  "AcquisitionTime": "10:06:20.287500",
  "BandwidthPerPixelPhaseEncode": 19.592,
  "BaseResolution": 88,
  "BodyPartExamined": "BRAIN",
  "ConsistencyInfo": "N4_VE11C_LATEST_20160120",
  "ConversionSoftware": "dcm2niix",
  "ConversionSoftwareVersion": "v1.0.20190902",
  "DerivedVendorReportedEchoSpacing": 0.000580014,
  "DeviceSerialNumber": "67050",
  "DwellTime": 2.6e-06,
  "EchoTime": 0.033,
  "EchoTrainLength": 88,
  "EffectiveEchoSpacing": 0.000580014,
  "FlipAngle": 62,
  "ImageOrientationPatientDICOM": [0.998696, 0.00263815, 0.0509839, -0.00505487, 0.998866, 0.0473311],
  "ImageType": [
    "ORIGINAL",
    "PRIMARY",
    "M",
    "ND",
    "MOSAIC"
],
  "ImagingFrequency": 123.251,
  "InPlanePhaseEncodingDirectionDICOM": "COL",
  "InstitutionAddress": "Olive_Street_60_Providence_RI_US_02912",
  "InstitutionName": "BROWN_UNIVERSITY_MRF",
  "InstitutionalDepartmentName": "Department",
  "MRAcquisitionType": "2D",
  "MagneticFieldStrength": 3,
  "Manufacturer": "Siemens",
  "ManufacturersModelName": "Prisma_fit",
  "Modality": "MR",
  "MultibandAccelerationFactor": 4,
  "PartialFourier": 1,
  "PatientPosition": "HFS",
  "PercentPhaseFOV": 100,
  "PhaseEncodingDirection": "j-",
  "PhaseEncodingSteps": 88,
  "PhaseResolution": 1,
  "PixelBandwidth": 2185,
  "ProcedureStepDescription": "ASHENHAV_1222",
  "ProtocolName": "func-bold_task-RDMmotion_run-06",
  "PulseSequenceDetails": "%SiemensSeq%_ep2d_bold",
  "ReceiveCoilActiveElements": "HC1-7;NC1",
  "ReceiveCoilName": "HeadNeck_64",
  "ReconMatrixPE": 88,
  "RefLinesPE": 8,
  "RepetitionTime": 1.2,
  "SAR": 0.0557043,
  "ScanOptions": "FS",
  "ScanningSequence": "EP",
  "SequenceName": "_epfid2d1_88",
  "SequenceVariant": "SK",
  "SeriesDescription": "func-bold_task-RDMmotion_run-06",
  "SeriesNumber": 17,
  "ShimSetting": [1748, -9121, 4431, 338, -71, -222, 97, -19],
  "SliceThickness": 2.4,
  "SliceTiming": [0.55, 0, 0.63, 0.0775, 0.7075, 0.1575, 0.7875, 0.235, 0.865, 0.315, 0.945, 0.3925, 1.0225, 0.4725, 1.1, 0.55, 0, 0.63, 0.0775, 0.7075, 0.1575, 0.7875, 0.235, 0.865, 0.315, 0.945, 0.3925, 1.0225, 0.4725, 1.1, 0.55, 0, 0.63, 0.0775, 0.7075, 0.1575, 0.7875, 0.235, 0.865, 0.315, 0.945, 0.3925, 1.0225, 0.4725, 1.1, 0.55, 0, 0.63, 0.0775, 0.7075, 0.1575, 0.7875, 0.235, 0.865, 0.315, 0.945, 0.3925, 1.0225, 0.4725, 1.1],
  "SoftwareVersions": "syngo_MR_E11",
  "SpacingBetweenSlices": 2.4,
  "StationName": "AWP67050",
  "TaskName": "RDMmotion",
  "TotalReadoutTime": 0.0504612,
  "TxRefAmp": 237.206,
  "dcmmeta_affine": [
    [-2.3946006298065186, -0.012120209634304047, 0.12192308157682419, 104.74176025390625],
    [-0.006325559224933386, 2.3950092792510986, 0.11406498402357101, -97.3941421508789],
    [0.12224558740854263, -0.11348702013492584, 2.3941855430603027, -61.20684814453125],
    [0.0, 0.0, 0.0, 1.0]
],
  "dcmmeta_reorient_transform": [
    [0.0, -1.0, 0.0, 87.0],
    [1.0, 0.0, 0.0, 0.0],
    [0.0, 0.0, 1.0, 0.0],
    [0.0, 0.0, 0.0, 1.0]
],
  "dcmmeta_shape": [88, 88, 60, 125],
  "dcmmeta_slice_dim": 2,
  "dcmmeta_version": 0.6,
  "global": {
    "const": {
      "AcquisitionMatrix": [88, 0, 0, 88],
      "AngioFlag": "N",
      "BitsAllocated": 16,
      "BitsStored": 12,
      "BodyPartExamined": "BRAIN",
      "Columns": 704,
      "DeidentificationMethodCodeSequence": [
        {
          "CodeMeaning": "XNAT DicomEdit 6 Script",
          "CodeValue": "3",
          "CodingSchemeDesignator": "XNAT",
          "CodingSchemeVersion": "1.0"}
],
      "EchoNumbers": 1,
      "EchoTime": 33.0,
      "EchoTrainLength": 88,
      "FlipAngle": 62.0,
      "HighBit": 11,
      "ImageOrientationPatient": [0.99869598869741, 0.00263814799459, 0.05098394193141, -0.0050548741546, 0.99886646616035, 0.0473310788766],
      "ImagePositionPatient": [-837.49125907264, -850.58282015087, -143.68586173619],
      "ImageType": [
        "ORIGINAL",
        "PRIMARY",
        "M",
        "ND",
        "MOSAIC"
],
      "ImagedNucleus": "1H",
      "ImagingFrequency": 123.250701,
      "InPlanePhaseEncodingDirection": "COL",
      "MRAcquisitionType": "2D",
      "MagneticFieldStrength": 3.0,
      "Manufacturer": "SIEMENS",
      "ManufacturerModelName": "Prisma_fit",
      "Modality": "MR",
      "NumberOfAverages": 1.0,
      "NumberOfPhaseEncodingSteps": 88,
      "PercentPhaseFieldOfView": 100.0,
      "PercentSampling": 100.0,
      "PerformedProcedureStepStartTime": "084905.533000",
      "PhotometricInterpretation": "MONOCHROME2",
      "PixelBandwidth": 2185.0,
      "PixelRepresentation": 0,
      "PixelSpacing": [2.3977272510529, 2.3977272510529],
      "ProtocolName": "func-bold_task-RDMmotion_run-06",
      "RepetitionTime": 1200.0,
      "Rows": 704,
      "SAR": 0.05570429375917,
      "SamplesPerPixel": 1,
      "ScanOptions": "FS",
      "ScanningSequence": "EP",
      "SequenceName": "*epfid2d1_88",
      "SequenceVariant": "SK",
      "SeriesDescription": "func-bold_task-RDMmotion_run-06",
      "SeriesNumber": 17,
      "SeriesTime": "100650.760000",
      "SliceLocation": -60.366404219285,
      "SliceThickness": 2.4000000953674,
      "SmallestImagePixelValue": 0,
      "SoftwareVersions": "syngo MR E11",
      "SpacingBetweenSlices": 2.4000000258634,
      "SpecificCharacterSet": "ISO_IR 100",
      "StudyID": "1",
      "StudyTime": "084905.367000",
      "TransmitCoilName": "Body",
      "VariableFlipAngleFlag": "N",
      "WindowCenterWidthExplanation": "Algo1",
      "dBdt": 0.0},
