{
  "AcquisitionMatrixPE": 256,
  "AcquisitionNumber": 1,
  "AcquisitionTime": "11:12:9.512500",
  "BaseResolution": 256,
  "BodyPartExamined": "BRAIN",
  "ConsistencyInfo": "N4_VE11C_LATEST_20160120",
  "ConversionSoftware": "dcm2niix",
  "ConversionSoftwareVersion": "v1.0.20190902",
  "DeviceSerialNumber": "67050",
  "DwellTime": 8.5e-06,
  "EchoTime": 0.00302,
  "FlipAngle": 9,
  "ImageOrientationPatientDICOM": [0.0311278, 0.997838, 0.0578813, 0.139317, 0.0530126, -0.988828],
  "ImageType": [
    "ORIGINAL",
    "PRIMARY",
    "M",
    "ND",
    "NORM"
],
  "ImagingFrequency": 123.251,
  "InPlanePhaseEncodingDirectionDICOM": "ROW",
  "InstitutionAddress": "Olive_Street_60_Providence_RI_US_02912",
  "InstitutionName": "BROWN_UNIVERSITY_MRF",
  "InstitutionalDepartmentName": "Department",
  "InversionTime": 0.9,
  "MRAcquisitionType": "3D",
  "MagneticFieldStrength": 3,
  "Manufacturer": "Siemens",
  "ManufacturersModelName": "Prisma_fit",
  "Modality": "MR",
  "ParallelReductionFactorInPlane": 2,
  "PartialFourier": 0.875,
  "PatientPosition": "HFS",
  "PercentPhaseFOV": 100,
  "PhaseEncodingSteps": 223,
  "PhaseResolution": 1,
  "PixelBandwidth": 230,
  "ProcedureStepDescription": "ASHENHAV_1222",
  "ProtocolName": "anat-T1w_acq-mprage",
  "PulseSequenceDetails": "%SiemensSeq%_tfl",
  "ReceiveCoilActiveElements": "HC1-7;NC1",
  "ReceiveCoilName": "HeadNeck_64",
  "ReconMatrixPE": 256,
  "RefLinesPE": 30,
  "RepetitionTime": 1.9,
  "SAR": 0.0657777,
  "ScanOptions": "IR_PFP",
  "ScanningSequence": "GR_IR",
  "SequenceName": "_tfl3d1_16ns",
  "SequenceVariant": "SK_SP_MP",
  "SeriesDescription": "anat-T1w_acq-mprage",
  "SeriesNumber": 6,
  "ShimSetting": [1783, -9161, 4374, 284, -142, -343, 28, 1],
  "SliceThickness": 1,
  "SoftwareVersions": "syngo_MR_E11",
  "StationName": "AWP67050",
  "TxRefAmp": 245.896,
  "dcmmeta_affine": [
    [0.9897584915161133, 0.031127838417887688, 0.13931679725646973, -91.2772216796875],
    [-0.03884390741586685, 0.9978380799293518, 0.05301260948181152, -112.814453125],
    [-0.1373654305934906, -0.05788128823041916, 0.9888278245925903, -96.05364990234375],
    [0.0, 0.0, 0.0, 1.0]
],
  "dcmmeta_reorient_transform": [
    [0.0, 0.0, -1.0, 255.0],
    [0.0, -1.0, 0.0, 255.0],
    [-1.0, 0.0, 0.0, 159.0],
    [0.0, 0.0, 0.0, 1.0]
],
  "dcmmeta_shape": [160, 256, 256],
  "dcmmeta_slice_dim": 0,
  "dcmmeta_version": 0.6,
  "global": {
    "const": {
      "AcquisitionMatrix": [0, 256, 256, 0],
      "AcquisitionNumber": 1,
      "AcquisitionTime": "111209.512500",
      "AngioFlag": "N",
      "BitsAllocated": 16,
      "BitsStored": 12,
      "BodyPartExamined": "BRAIN",
      "Columns": 256,
      "DeidentificationMethodCodeSequence": [
        {
          "CodeMeaning": "XNAT DicomEdit 6 Script",
          "CodeValue": "3",
          "CodingSchemeDesignator": "XNAT",
          "CodingSchemeVersion": "1.0"}
],
      "EchoNumbers": 1,
      "EchoTime": 3.02,
      "EchoTrainLength": 1,
      "FlipAngle": 9.0,
      "HighBit": 11,
      "ImageOrientationPatient": [0.0311278380404, 0.99783807010796, 0.05788128835953, 0.13931679662347, 0.05301260810017, -0.9888278381806],
      "ImageType": [
        "ORIGINAL",
        "PRIMARY",
        "M",
        "ND",
        "NORM"
],
      "ImagedNucleus": "1H",
      "ImagingFrequency": 123.25074,
      "InPlanePhaseEncodingDirection": "ROW",
      "InversionTime": 900.0,
      "MRAcquisitionType": "3D",
      "MagneticFieldStrength": 3.0,
      "Manufacturer": "SIEMENS",
      "ManufacturerModelName": "Prisma_fit",
      "Modality": "MR",
      "NumberOfAverages": 1.0,
      "NumberOfPhaseEncodingSteps": 223,
      "PercentPhaseFieldOfView": 100.0,
      "PercentSampling": 100.0,
      "PerformedProcedureStepStartTime": "104915.366000",
      "PhotometricInterpretation": "MONOCHROME2",
      "PixelBandwidth": 230.0,
      "PixelRepresentation": 0,
      "PixelSpacing": [1.0, 1.0],
      "ProtocolName": "anat-T1w_acq-mprage",
      "RepetitionTime": 1900.0,
      "Rows": 256,
      "SAR": 0.06577773314647,
      "SamplesPerPixel": 1,
      "ScanOptions": [
        "IR",
        "PFP"
],
      "ScanningSequence": [
        "GR",
        "IR"
],
      "SequenceName": "*tfl3d1_16ns",
      "SequenceVariant": [
        "SK",
        "SP",
        "MP"
],
      "SeriesDescription": "anat-T1w_acq-mprage",
      "SeriesNumber": 6,
      "SeriesTime": "111617.974000",
      "SliceThickness": 1.0,
      "SmallestImagePixelValue": 0,
      "SoftwareVersions": "syngo MR E11",
      "SpecificCharacterSet": "ISO_IR 100",
      "StudyID": "1",
      "StudyTime": "104915.286000",
      "TransmitCoilName": "Body",
      "VariableFlipAngleFlag": "N",
      "WindowCenterWidthExplanation": "Algo1",
      "dBdt": 0.0},
